GEM
  remote: https://rubygems.org/
  specs:
    httparty (0.11.0)
      multi_json (~> 1.0)
      multi_xml (>= 0.5.2)
    multi_json (1.7.3)
    multi_xml (0.5.3)
    nokogiri (1.5.9)

PLATFORMS
  ruby

DEPENDENCIES
  httparty
  nokogiri
